GEM
  remote: https://rubygems.org/
  specs:
    nokogiri (1.18.9-aarch64-linux-gnu)
      racc (~> 1.4)
    nokogiri (1.18.9-aarch64-linux-musl)
      racc (~> 1.4)
    nokogiri (1.18.9-arm-linux-gnu)
      racc (~> 1.4)
    nokogiri (1.18.9-arm-linux-musl)
      racc (~> 1.4)
    nokogiri (1.18.9-arm64-darwin)
      racc (~> 1.4)
    nokogiri (1.18.9-x86_64-darwin)
      racc (~> 1.4)
    nokogiri (1.18.9-x86_64-linux-gnu)
      racc (~> 1.4)
    nokogiri (1.18.9-x86_64-linux-musl)
      racc (~> 1.4)
    racc (1.8.1)

PLATFORMS
  aarch64-linux-gnu
  aarch64-linux-musl
  arm-linux-gnu
  arm-linux-musl
  arm64-darwin
  x86_64-darwin
  x86_64-linux-gnu
  x86_64-linux-musl

DEPENDENCIES
  nokogiri

BUNDLED WITH
   2.6.2
